GEM
  remote: https://rubygems.org/
  specs:
    actioncable (6.0.2.1)
      actionpack (= 6.0.2.1)
      nio4r (~> 2.0)
      websocket-driver (>= 0.6.1)
    actionmailbox (6.0.2.1)
      actionpack (= 6.0.2.1)
      activejob (= 6.0.2.1)
      activerecord (= 6.0.2.1)
      activestorage (= 6.0.2.1)
      activesupport (= 6.0.2.1)
      mail (>= 2.7.1)
    actionmailer (6.0.2.1)
      actionpack (= 6.0.2.1)
      actionview (= 6.0.2.1)
      activejob (= 6.0.2.1)
      mail (~> 2.5, >= 2.5.4)
      rails-dom-testing (~> 2.0)
    actionpack (6.0.2.1)
      actionview (= 6.0.2.1)
      activesupport (= 6.0.2.1)
      rack (~> 2.0, >= 2.0.8)
      rack-test (>= 0.6.3)
      rails-dom-testing (~> 2.0)
      rails-html-sanitizer (~> 1.0, >= 1.2.0)
    actiontext (6.0.2.1)
      actionpack (= 6.0.2.1)
      activerecord (= 6.0.2.1)
      activestorage (= 6.0.2.1)
      activesupport (= 6.0.2.1)
      nokogiri (>= 1.8.5)
    actionview (6.0.2.1)
      activesupport (= 6.0.2.1)
      builder (~> 3.1)
      erubi (~> 1.4)
      rails-dom-testing (~> 2.0)
      rails-html-sanitizer (~> 1.1, >= 1.2.0)
    activejob (6.0.2.1)
      activesupport (= 6.0.2.1)
      globalid (>= 0.3.6)
    activemodel (6.0.2.1)
      activesupport (= 6.0.2.1)
    activerecord (6.0.2.1)
      activemodel (= 6.0.2.1)
      activesupport (= 6.0.2.1)
    activestorage (6.0.2.1)
      actionpack (= 6.0.2.1)
      activejob (= 6.0.2.1)
      activerecord (= 6.0.2.1)
      marcel (~> 0.3.1)
    activesupport (6.0.2.1)
      concurrent-ruby (~> 1.0, >= 1.0.2)
      i18n (>= 0.7, < 2)
      minitest (~> 5.1)
      tzinfo (~> 1.1)
      zeitwerk (~> 2.2)
    awesome_print (1.8.0)
    bcrypt (3.1.13)
    bootsnap (1.4.4)
      msgpack (~> 1.0)
    builder (3.2.4)
    byebug (11.0.1)
    concurrent-ruby (1.1.5)
    crass (1.0.5)
    database_cleaner (1.7.0)
    devise (4.7.1)
      bcrypt (~> 3.0)
      orm_adapter (~> 0.1)
      railties (>= 4.1.0)
      responders
      warden (~> 1.2.3)
    devise-jwt (0.5.9)
      devise (~> 4.0)
      warden-jwt_auth (~> 0.3.6)
    diff-lcs (1.3)
    docile (1.3.2)
    dotenv (2.7.2)
    dotenv-rails (2.7.2)
      dotenv (= 2.7.2)
      railties (>= 3.2, < 6.1)
    dry-auto_inject (0.6.1)
      dry-container (>= 0.3.4)
    dry-configurable (0.8.3)
      concurrent-ruby (~> 1.0)
      dry-core (~> 0.4, >= 0.4.7)
    dry-container (0.7.1)
      concurrent-ruby (~> 1.0)
      dry-configurable (~> 0.1, >= 0.1.3)
    dry-core (0.4.7)
      concurrent-ruby (~> 1.0)
    equatable (0.6.0)
    erubi (1.9.0)
    factory_bot (5.0.2)
      activesupport (>= 4.2.0)
    factory_bot_rails (5.0.2)
      factory_bot (~> 5.0.2)
      railties (>= 4.2.0)
    faker (1.9.4)
      i18n (>= 0.7)
      pastel (~> 0.7.2)
      thor (~> 0.20.0)
      tty-pager (~> 0.12.0)
      tty-screen (~> 0.6.5)
      tty-tree (~> 0.3.0)
    ffi (1.11.1)
    globalid (0.4.2)
      activesupport (>= 4.2.0)
    graphql (1.9.6)
    graphql-errors (0.3.0)
      graphql (>= 1.6.0, < 2)
    i18n (1.7.0)
      concurrent-ruby (~> 1.0)
    json (2.2.0)
    jwt (2.2.1)
    listen (3.1.5)
      rb-fsevent (~> 0.9, >= 0.9.4)
      rb-inotify (~> 0.9, >= 0.9.7)
      ruby_dep (~> 1.2)
    loofah (2.4.0)
      crass (~> 1.0.2)
      nokogiri (>= 1.5.9)
    mail (2.7.1)
      mini_mime (>= 0.1.1)
    marcel (0.3.3)
      mimemagic (~> 0.3.2)
    method_source (0.9.2)
    mimemagic (0.3.3)
    mini_mime (1.0.2)
    mini_portile2 (2.4.0)
    minitest (5.13.0)
    msgpack (1.3.0)
    nio4r (2.5.2)
    nokogiri (1.10.7)
      mini_portile2 (~> 2.4.0)
    orm_adapter (0.5.0)
    pastel (0.7.3)
      equatable (~> 0.6)
      tty-color (~> 0.5)
    pg (1.1.4)
    puma (3.12.3)
    rack (2.0.8)
    rack-cors (1.0.5)
      rack (>= 1.6.0)
    rack-test (1.1.0)
      rack (>= 1.0, < 3)
    rails (6.0.2.1)
      actioncable (= 6.0.2.1)
      actionmailbox (= 6.0.2.1)
      actionmailer (= 6.0.2.1)
      actionpack (= 6.0.2.1)
      actiontext (= 6.0.2.1)
      actionview (= 6.0.2.1)
      activejob (= 6.0.2.1)
      activemodel (= 6.0.2.1)
      activerecord (= 6.0.2.1)
      activestorage (= 6.0.2.1)
      activesupport (= 6.0.2.1)
      bundler (>= 1.3.0)
      railties (= 6.0.2.1)
      sprockets-rails (>= 2.0.0)
    rails-controller-testing (1.0.4)
      actionpack (>= 5.0.1.x)
      actionview (>= 5.0.1.x)
      activesupport (>= 5.0.1.x)
    rails-dom-testing (2.0.3)
      activesupport (>= 4.2.0)
      nokogiri (>= 1.6)
    rails-html-sanitizer (1.3.0)
      loofah (~> 2.3)
    railties (6.0.2.1)
      actionpack (= 6.0.2.1)
      activesupport (= 6.0.2.1)
      method_source
      rake (>= 0.8.7)
      thor (>= 0.20.3, < 2.0)
    rake (13.0.1)
    rb-fsevent (0.10.3)
    rb-inotify (0.10.0)
      ffi (~> 1.0)
    responders (3.0.0)
      actionpack (>= 5.0)
      railties (>= 5.0)
    rspec-core (3.8.1)
      rspec-support (~> 3.8.0)
    rspec-expectations (3.8.4)
      diff-lcs (>= 1.2.0, < 2.0)
      rspec-support (~> 3.8.0)
    rspec-mocks (3.8.1)
      diff-lcs (>= 1.2.0, < 2.0)
      rspec-support (~> 3.8.0)
    rspec-rails (3.8.2)
      actionpack (>= 3.0)
      activesupport (>= 3.0)
      railties (>= 3.0)
      rspec-core (~> 3.8.0)
      rspec-expectations (~> 3.8.0)
      rspec-mocks (~> 3.8.0)
      rspec-support (~> 3.8.0)
    rspec-support (3.8.2)
    ruby_dep (1.5.0)
    shoulda-matchers (4.0.0.rc1)
      activesupport (>= 4.2.0)
    simplecov (0.16.1)
      docile (~> 1.1)
      json (>= 1.8, < 3)
      simplecov-html (~> 0.10.0)
    simplecov-html (0.10.2)
    spring (2.1.0)
    spring-watcher-listen (2.0.1)
      listen (>= 2.7, < 4.0)
      spring (>= 1.2, < 3.0)
    sprockets (4.0.0)
      concurrent-ruby (~> 1.0)
      rack (> 1, < 3)
    sprockets-rails (3.2.1)
      actionpack (>= 4.0)
      activesupport (>= 4.0)
      sprockets (>= 3.0.0)
    strings (0.1.5)
      strings-ansi (~> 0.1)
      unicode-display_width (~> 1.5)
      unicode_utils (~> 1.4)
    strings-ansi (0.1.0)
    thor (0.20.3)
    thread_safe (0.3.6)
    tty-color (0.5.0)
    tty-pager (0.12.1)
      strings (~> 0.1.4)
      tty-screen (~> 0.6)
      tty-which (~> 0.4)
    tty-screen (0.6.5)
    tty-tree (0.3.0)
    tty-which (0.4.1)
    tzinfo (1.2.6)
      thread_safe (~> 0.1)
    unicode-display_width (1.6.0)
    unicode_utils (1.4.0)
    warden (1.2.8)
      rack (>= 2.0.6)
    warden-jwt_auth (0.3.6)
      dry-auto_inject (~> 0.6)
      dry-configurable (~> 0.8)
      jwt (~> 2.1)
      warden (~> 1.2)
    websocket-driver (0.7.1)
      websocket-extensions (>= 0.1.0)
    websocket-extensions (0.1.4)
    zeitwerk (2.2.2)

PLATFORMS
  ruby

DEPENDENCIES
  awesome_print
  bcrypt (~> 3.1.7)
  bootsnap (>= 1.1.0)
  byebug
  database_cleaner (~> 1.6)
  devise
  devise-jwt (~> 0.5.8)
  dotenv-rails
  factory_bot_rails
  faker (~> 1.8)
  graphql
  graphql-errors
  listen (>= 3.0.5, < 3.2)
  pg
  puma (~> 3.12)
  rack-cors
  rails (~> 6.0.2)
  rails-controller-testing
  rspec-rails (~> 3.8)
  shoulda-matchers (= 4.0.0.rc1)
  simplecov
  spring
  spring-watcher-listen (~> 2.0.0)
  tzinfo-data

RUBY VERSION
   ruby 2.6.5p114

BUNDLED WITH
   2.1.4
